GEM
  remote: http://rubygems.org/
  specs:
    polylines (0.3.0)

PLATFORMS
  ruby

DEPENDENCIES
  polylines

BUNDLED WITH
   1.15.4
